{
  "PowerLineFrequency": 50,
  "SoftwareFilters": {
    "FilterDescription": {
      "Description": "NA"
    }
  },
  "Manufacturer": "BIOSEMI",
  "EEGPlacementScheme": "10-20",
  "EEGGround": "N/A",
  "EEGReference": "CMS/DRL",
  "CapManufacturersModelName": "64 channels",
  "CapManufacturer": "BIOSEMI",
  "InstitutionAddress": "Toulouse, France",
  "InstitutionalDepartmentName": "DCAS",
  "InstitutionName": "ISAE-SUPAERO",
  "ManufacturersModelName": "Active-2",
  "TaskName": "Resting-State",
  "EEGChannelCount": 64,
  "RecordingType": "continuous",
  "RecordingDuration": 306.267578125,
  "SamplingFrequency": 512,
  "EOGChannelCount": 0,
  "ECGChannelCount": 0,
  "EMGChannelCount": 0
}